GEM
  remote: http://rubygems.org/
  specs:
    abstract (1.0.0)
    actionmailer (3.0.9)
      actionpack (= 3.0.9)
      mail (~> 2.2.19)
    actionpack (3.0.9)
      activemodel (= 3.0.9)
      activesupport (= 3.0.9)
      builder (~> 2.1.2)
      erubis (~> 2.6.6)
      i18n (~> 0.5.0)
      rack (~> 1.2.1)
      rack-mount (~> 0.6.14)
      rack-test (~> 0.5.7)
      tzinfo (~> 0.3.23)
    activemodel (3.0.9)
      activesupport (= 3.0.9)
      builder (~> 2.1.2)
      i18n (~> 0.5.0)
    activerecord (3.0.9)
      activemodel (= 3.0.9)
      activesupport (= 3.0.9)
      arel (~> 2.0.10)
      tzinfo (~> 0.3.23)
    activeresource (3.0.9)
      activemodel (= 3.0.9)
      activesupport (= 3.0.9)
    activesupport (3.0.9)
    albino (1.3.3)
      posix-spawn (>= 0.3.6)
    ancestry (1.2.4)
      activerecord (>= 2.2.2)
    arel (2.0.10)
    barista (1.2.1)
      coffee-script (~> 2.2)
    bcrypt-ruby (2.1.4)
    builder (2.1.2)
    cgi_multipart_eof_fix (2.5.0)
    chunky_png (1.2.0)
    coffee-script (2.2.0)
      coffee-script-source
      execjs
    coffee-script-source (1.1.1)
    columnize (0.3.4)
    compass (0.11.5)
      chunky_png (~> 1.2)
      fssm (>= 0.2.7)
      sass (~> 3.1)
    daemons (1.1.4)
    devise (1.4.2)
      bcrypt-ruby (~> 2.1.2)
      orm_adapter (~> 0.0.3)
      warden (~> 1.0.3)
    erubis (2.6.6)
      abstract (>= 1.0.0)
    execjs (1.2.0)
      multi_json (~> 1.0)
    fastthread (1.0.7)
    formtastic (1.2.4)
      actionpack (>= 2.3.7)
      activesupport (>= 2.3.7)
      i18n (~> 0.4)
    fssm (0.2.7)
    gem_plugin (0.2.3)
    haml (3.1.2)
    has_scope (0.5.0)
    i18n (0.5.0)
    inherited_resources (1.2.2)
      has_scope (~> 0.5.0)
      responders (~> 0.6.0)
    jquery-rails (1.0.12)
      railties (~> 3.0)
      thor (~> 0.14)
    linecache (0.46)
      rbx-require-relative (> 0.0.4)
    mail (2.2.19)
      activesupport (>= 2.3.6)
      i18n (>= 0.4.0)
      mime-types (~> 1.16)
      treetop (~> 1.4.8)
    mime-types (1.16)
    mongrel (1.1.5)
      cgi_multipart_eof_fix (>= 2.4)
      daemons (>= 1.0.3)
      fastthread (>= 1.0.1)
      gem_plugin (>= 0.2.3)
    multi_json (1.0.3)
    mysql (2.8.1)
    orm_adapter (0.0.5)
    polyglot (0.3.1)
    posix-spawn (0.3.6)
    rack (1.2.3)
    rack-mount (0.6.14)
      rack (>= 1.0.0)
    rack-test (0.5.7)
      rack (>= 1.0)
    rails (3.0.9)
      actionmailer (= 3.0.9)
      actionpack (= 3.0.9)
      activerecord (= 3.0.9)
      activeresource (= 3.0.9)
      activesupport (= 3.0.9)
      bundler (~> 1.0)
      railties (= 3.0.9)
    railties (3.0.9)
      actionpack (= 3.0.9)
      activesupport (= 3.0.9)
      rake (>= 0.8.7)
      rdoc (~> 3.4)
      thor (~> 0.14.4)
    rake (0.9.2)
    rbx-require-relative (0.0.5)
    rdoc (3.8)
    responders (0.6.4)
    ruby-debug (0.10.4)
      columnize (>= 0.1)
      ruby-debug-base (~> 0.10.4.0)
    ruby-debug-base (0.10.4)
      linecache (>= 0.3)
    sass (3.1.4)
    thor (0.14.6)
    treetop (1.4.9)
      polyglot (>= 0.3.1)
    tzinfo (0.3.29)
    warden (1.0.4)
      rack (>= 1.0)
    will_paginate (2.3.15)

PLATFORMS
  ruby

DEPENDENCIES
  albino
  ancestry (~> 1.2.4)
  barista (~> 1.2.1)
  compass (>= 0.11.5)
  devise (~> 1.4.2)
  formtastic (~> 1.2.3)
  haml (~> 3.1.0)
  inherited_resources
  jquery-rails
  mongrel (~> 1.1.5)
  mysql (~> 2.8.1)
  rails (= 3.0.9)
  ruby-debug
  sass
  will_paginate (~> 2.3.15)
